PATH
  remote: .
  specs:
    resque-forker (2.0.0)
      resque

GEM
  remote: http://rubygems.org/
  specs:
    json (1.4.6)
    rack (1.2.2)
    rake (0.8.7)
    redis (2.2.0)
    redis-namespace (0.10.0)
      redis (< 3.0.0)
    resque (1.15.0)
      json (~> 1.4.6)
      redis-namespace (>= 0.10.0)
      sinatra (>= 0.9.2)
      vegas (~> 0.1.2)
    sinatra (1.2.3)
      rack (~> 1.1)
      tilt (>= 1.2.2, < 2.0)
    tilt (1.2.2)
    vegas (0.1.8)
      rack (>= 1.0.0)
    yard (0.6.1)

PLATFORMS
  ruby

DEPENDENCIES
  rake
  resque-forker!
  yard
