PATH
  remote: .
  specs:
    resque-forker (1.1.0)
      resque

GEM
  remote: http://rubygems.org/
  specs:
    json_pure (1.4.3)
    rack (1.2.1)
    redis (2.0.5)
    redis-namespace (0.8.0)
      redis (< 3.0.0)
    resque (1.9.9)
      json_pure (~> 1.4.0)
      redis-namespace (~> 0.8.0)
      sinatra (>= 0.9.2)
      vegas (~> 0.1.2)
    sinatra (1.0)
      rack (>= 1.0)
    vegas (0.1.7)
      rack (>= 1.0.0)

PLATFORMS
  ruby

DEPENDENCIES
  resque
  resque-forker!
